GEM
  remote: https://rubygems.org/
  specs:
    htmlentities (4.3.1)
    ruby-mp3info (0.8)
    taglib-ruby (0.6.0)

PLATFORMS
  ruby

DEPENDENCIES
  htmlentities (~> 4.3.1)
  ruby-mp3info (~> 0.8)
  taglib-ruby (~> 0.6.0)
